PATH
  remote: .
  specs:
    google_places (0.1.1)
      httparty

GEM
  remote: http://rubygems.org/
  specs:
    diff-lcs (1.1.3)
    fakeweb (1.3.0)
    httparty (0.8.3)
      multi_json (~> 1.0)
      multi_xml
    multi_json (1.3.6)
    multi_xml (0.5.1)
    rspec (2.10.0)
      rspec-core (~> 2.10.0)
      rspec-expectations (~> 2.10.0)
      rspec-mocks (~> 2.10.0)
    rspec-core (2.10.1)
    rspec-expectations (2.10.0)
      diff-lcs (~> 1.1.3)
    rspec-mocks (2.10.1)
    vcr (2.2.2)

PLATFORMS
  ruby
  x86-mingw32

DEPENDENCIES
  fakeweb
  google_places!
  rspec
  vcr
